GEM
  remote: https://rubygems.org/
  specs:
    rubyzip (1.2.1)

PLATFORMS
  x86-mingw32

DEPENDENCIES
  rubyzip

BUNDLED WITH
   1.16.1
